GEM
  remote: https://rubygems.org/
  specs:
    parslet (2.0.0)

PLATFORMS
  ruby

DEPENDENCIES
  parslet

BUNDLED WITH
   2.0.1
